GEM
  remote: http://rubygems.org/
  specs:
    addressable (2.3.8)
    builder (3.2.2)
    faraday (0.8.9)
      multipart-post (~> 1.2.0)
    git (1.2.9.1)
    github_api (0.10.1)
      addressable
      faraday (~> 0.8.1)
      hashie (>= 1.2)
      multi_json (~> 1.4)
      nokogiri (~> 1.5.2)
      oauth2
    hashie (3.4.2)
    highline (1.7.3)
    jeweler (1.8.8)
      builder
      bundler (~> 1.0)
      git (>= 1.2.5)
      github_api (= 0.10.1)
      highline (>= 1.6.15)
      nokogiri (= 1.5.10)
      rake
      rdoc
    jwt (1.5.1)
    multi_json (1.11.2)
    multi_xml (0.5.5)
    multipart-post (1.2.0)
    nokogiri (1.5.10)
    oauth (0.4.7)
    oauth2 (1.0.0)
      faraday (>= 0.8, < 0.10)
      jwt (~> 1.0)
      multi_json (~> 1.3)
      multi_xml (~> 0.5)
      rack (~> 1.2)
    omniauth (1.2.2)
      hashie (>= 1.2, < 4)
      rack (~> 1.0)
    omniauth-oauth (1.0.1)
      oauth
      omniauth (~> 1.0)
    rack (1.6.4)
    rake (10.4.2)
    rdoc (4.2.0)

PLATFORMS
  ruby

DEPENDENCIES
  bundler (~> 1.3)
  jeweler (~> 1.8.0)
  multi_json
  omniauth-oauth (~> 1.0.0)

BUNDLED WITH
   1.10.5
